GEM
  remote: https://rubygems.org/
  specs:
    serialport (1.3.1)

PLATFORMS
  ruby

DEPENDENCIES
  serialport (~> 1.3)

RUBY VERSION
   ruby 2.2.4p230

BUNDLED WITH
   1.16.6
